GIT
  remote: https://github.com/archiloque/rest-client.git
  revision: 8cba835c9b5c4a2d99eb43b2e87bbbeee0bccb9a
  specs:
    rest-client (1.6.1)
      mime-types (>= 1.16)

GEM
  remote: http://rubygems.org/
  specs:
    activesupport (2.3.5)
    builder (3.0.0)
    cucumber (0.10.2)
      builder (>= 2.1.2)
      diff-lcs (>= 1.1.2)
      gherkin (>= 2.3.5)
      json (>= 1.4.6)
      term-ansicolor (>= 1.0.5)
    diff-lcs (1.1.2)
    gherkin (2.3.5)
      json (>= 1.4.6)
    json (1.5.1)
    mime-types (1.16)
    rspec (2.5.0)
      rspec-core (~> 2.5.0)
      rspec-expectations (~> 2.5.0)
      rspec-mocks (~> 2.5.0)
    rspec-core (2.5.1)
    rspec-expectations (2.5.0)
      diff-lcs (~> 1.1.2)
    rspec-mocks (2.5.0)
    term-ansicolor (1.0.5)

PLATFORMS
  ruby

DEPENDENCIES
  activesupport
  cucumber
  json
  rest-client!
  rspec
